PATH
  remote: /home/jason/csspool/pkg/csspool-4.0.0
  specs:
    csspool (4.0.0)

GEM
  remote: https://rubygems.org/
  specs:
    actionmailer (2.3.15)
      actionpack (= 2.3.15)
    actionpack (2.3.15)
      activesupport (= 2.3.15)
      rack (~> 1.1.3)
    activerecord (2.3.15)
      activesupport (= 2.3.15)
    activeresource (2.3.15)
      activesupport (= 2.3.15)
    activesupport (2.3.15)
    after_commit (1.0.11)
      activerecord (>= 1.15.6, < 3.0.0)
    daemons (1.0.10)
    delayed_job (2.0.8)
      activesupport (~> 2.0)
      daemons (= 1.0.10)
    mysql (2.8.1)
    nokogiri (1.5.10)
    openid (0.0.1)
    public_suffix (1.3.1)
    rack (1.1.6)
    rails (2.3.15)
      actionmailer (= 2.3.15)
      actionpack (= 2.3.15)
      activerecord (= 2.3.15)
      activeresource (= 2.3.15)
      activesupport (= 2.3.15)
      rake (>= 0.8.3)
    rake (10.1.0)
    riddle (1.5.9)
    ruby-openid (2.1.7)
    sanitize (2.0.3)
      nokogiri (>= 1.4.4, < 1.6)
      nokogiri (>= 1.4.4, < 1.6)
    thinking-sphinx (1.4.14)
      activerecord (>= 1.15.6, < 3.0.0)
      after_commit (>= 1.0.7)
      riddle (>= 1.5.3)
    ts-delayed-delta (1.1.1)
      delayed_job (>= 1.8.4)
      thinking-sphinx (>= 1.3.6)
    will_paginate (2.3.12)

PLATFORMS
  ruby

DEPENDENCIES
  csspool (= 4.0.0)!
  mysql (= 2.8.1)
  openid (= 0.0.1)
  public_suffix (= 1.3.1)
  rails (= 2.3.15)
  ruby-openid (= 2.1.7)
  sanitize (= 2.0.3)
  thinking-sphinx (= 1.4.14)
  ts-delayed-delta (= 1.1.1)
  will_paginate (= 2.3.12)
