GEM
  remote: http://rubygems.org/
  specs:
    actionmailer (3.2.15)
      actionpack (= 3.2.15)
      mail (~> 2.5.4)
    actionpack (3.2.15)
      activemodel (= 3.2.15)
      activesupport (= 3.2.15)
      builder (~> 3.0.0)
      erubis (~> 2.7.0)
      journey (~> 1.0.4)
      rack (~> 1.4.5)
      rack-cache (~> 1.2)
      rack-test (~> 0.6.1)
      sprockets (~> 2.2.1)
    activemodel (3.2.15)
      activesupport (= 3.2.15)
      builder (~> 3.0.0)
    activerecord (3.2.15)
      activemodel (= 3.2.15)
      activesupport (= 3.2.15)
      arel (~> 3.0.2)
      tzinfo (~> 0.3.29)
    activeresource (3.2.15)
      activemodel (= 3.2.15)
      activesupport (= 3.2.15)
    activesupport (3.2.15)
      i18n (~> 0.6, >= 0.6.4)
      multi_json (~> 1.0)
    arel (3.0.2)
    builder (3.0.4)
    csspool (4.0.0)
    delayed_job (4.0.0)
      activesupport (>= 3.0, < 4.1)
    delayed_job_active_record (4.0.0)
      activerecord (>= 3.0, < 4.1)
      delayed_job (>= 3.0, < 4.1)
    dynamic_form (1.1.4)
    erubis (2.7.0)
    hike (1.2.3)
    i18n (0.6.5)
    innertube (1.1.0)
    journey (1.0.4)
    json (1.8.1)
    mail (2.5.4)
      mime-types (~> 1.16)
      treetop (~> 1.4.8)
    middleware (0.1.0)
    mime-types (1.25)
    mini_portile (0.5.2)
    multi_json (1.8.2)
    mysql2 (0.3.13)
    nokogiri (1.6.0)
      mini_portile (~> 0.5.0)
    polyglot (0.3.3)
    public_suffix (1.3.1)
    rack (1.4.5)
    rack-cache (1.2)
      rack (>= 0.4)
    rack-ssl (1.3.3)
      rack
    rack-test (0.6.2)
      rack (>= 1.0)
    rails (3.2.15)
      actionmailer (= 3.2.15)
      actionpack (= 3.2.15)
      activerecord (= 3.2.15)
      activeresource (= 3.2.15)
      activesupport (= 3.2.15)
      bundler (~> 1.0)
      railties (= 3.2.15)
    railties (3.2.15)
      actionpack (= 3.2.15)
      activesupport (= 3.2.15)
      rack-ssl (~> 1.3.2)
      rake (>= 0.8.7)
      rdoc (~> 3.4)
      thor (>= 0.14.6, < 2.0)
    rake (10.1.0)
    rdoc (3.12.2)
      json (~> 1.4)
    riddle (1.5.9)
    ruby-openid (2.3.0)
    sanitize (2.0.6)
      nokogiri (>= 1.4.4)
    sprockets (2.2.2)
      hike (~> 1.2)
      multi_json (~> 1.0)
      rack (~> 1.0)
      tilt (~> 1.1, != 1.3.0)
    strip_attributes (1.4.4)
      activemodel (>= 3.0, < 5.0)
    thinking-sphinx (3.0.6)
      activerecord (>= 3.1.0)
      builder (>= 2.1.2)
      innertube (>= 1.0.2)
      middleware (>= 0.1.0)
      riddle (>= 1.5.9)
    thor (0.18.1)
    tilt (1.4.1)
    treetop (1.4.15)
      polyglot
      polyglot (>= 0.3.1)
    ts-delayed-delta (2.0.0)
      delayed_job
      thinking-sphinx
    tzinfo (0.3.38)
    will_paginate (3.0.5)

PLATFORMS
  ruby

DEPENDENCIES
  csspool (= 4.0.0)
  delayed_job (~> 4.0.0)
  delayed_job_active_record (~> 4.0.0)
  dynamic_form
  mysql2 (~> 0.3.0)
  public_suffix
  rails (~> 3.2.0)
  ruby-openid
  sanitize
  strip_attributes (~> 1.2)
  thinking-sphinx (~> 3.0.0)
  ts-delayed-delta (~> 2.0.0)
  will_paginate (~> 3.0)
