GEM
  remote: http://rubygems.org/
  specs:
    actionmailer (4.0.0)
      actionpack (= 4.0.0)
      mail (~> 2.5.3)
    actionpack (4.0.0)
      activesupport (= 4.0.0)
      builder (~> 3.1.0)
      erubis (~> 2.7.0)
      rack (~> 1.5.2)
      rack-test (~> 0.6.2)
    activemodel (4.0.0)
      activesupport (= 4.0.0)
      builder (~> 3.1.0)
    activerecord (4.0.0)
      activemodel (= 4.0.0)
      activerecord-deprecated_finders (~> 1.0.2)
      activesupport (= 4.0.0)
      arel (~> 4.0.0)
    activerecord-deprecated_finders (1.0.3)
    activesupport (4.0.0)
      i18n (~> 0.6, >= 0.6.4)
      minitest (~> 4.2)
      multi_json (~> 1.3)
      thread_safe (~> 0.1)
      tzinfo (~> 0.3.37)
    arel (4.0.1)
    atomic (1.1.14)
    builder (3.1.4)
    csspool (4.0.0)
    daemons (1.1.9)
    dalli (2.6.4)
    delayed_job (4.0.0)
      activesupport (>= 3.0, < 4.1)
    delayed_job_active_record (4.0.0)
      activerecord (>= 3.0, < 4.1)
      delayed_job (>= 3.0, < 4.1)
    dynamic_form (1.1.4)
    erubis (2.7.0)
    hike (1.2.3)
    i18n (0.6.5)
    ignorable (0.2.0)
      activerecord (>= 3)
    innertube (1.1.0)
    mail (2.5.4)
      mime-types (~> 1.16)
      treetop (~> 1.4.8)
    middleware (0.1.0)
    mime-types (1.25)
    mini_portile (0.5.2)
    minitest (4.7.5)
    multi_json (1.8.2)
    mysql2 (0.3.13)
    nokogiri (1.6.0)
      mini_portile (~> 0.5.0)
    polyglot (0.3.3)
    public_suffix (1.3.1)
    rack (1.5.2)
    rack-test (0.6.2)
      rack (>= 1.0)
    rails (4.0.0)
      actionmailer (= 4.0.0)
      actionpack (= 4.0.0)
      activerecord (= 4.0.0)
      activesupport (= 4.0.0)
      bundler (>= 1.3.0, < 2.0)
      railties (= 4.0.0)
      sprockets-rails (~> 2.0.0)
    rails-observers (0.1.2)
      activemodel (~> 4.0)
    railties (4.0.0)
      actionpack (= 4.0.0)
      activesupport (= 4.0.0)
      rake (>= 0.8.7)
      thor (>= 0.18.1, < 2.0)
    rake (10.1.0)
    riddle (1.5.9)
    ruby-openid (2.3.0)
    sanitize (2.0.6)
      nokogiri (>= 1.4.4)
    sprockets (2.10.0)
      hike (~> 1.2)
      multi_json (~> 1.0)
      rack (~> 1.0)
      tilt (~> 1.1, != 1.3.0)
    sprockets-rails (2.0.1)
      actionpack (>= 3.0)
      activesupport (>= 3.0)
      sprockets (~> 2.8)
    strip_attributes (1.4.4)
      activemodel (>= 3.0, < 5.0)
    thinking-sphinx (3.0.6)
      activerecord (>= 3.1.0)
      builder (>= 2.1.2)
      innertube (>= 1.0.2)
      middleware (>= 0.1.0)
      riddle (>= 1.5.9)
    thor (0.18.1)
    thread_safe (0.1.3)
      atomic
    tilt (1.4.1)
    treetop (1.4.15)
      polyglot
      polyglot (>= 0.3.1)
    ts-delayed-delta (2.0.0)
      delayed_job
      thinking-sphinx
    tzinfo (0.3.38)
    will_paginate (3.0.5)

PLATFORMS
  ruby

DEPENDENCIES
  csspool (~> 4.0.0)
  daemons
  dalli (~> 2.6.4)
  delayed_job (~> 4.0.0)
  delayed_job_active_record (~> 4.0.0)
  dynamic_form (~> 1.1.4)
  ignorable (~> 0.2.0)
  mysql2 (~> 0.3.0)
  public_suffix (~> 1.3.1)
  rails (~> 4.0.0)
  rails-observers (~> 0.1.2)
  ruby-openid (~> 2.3.0)
  sanitize (~> 2.0.6)
  strip_attributes (~> 1.4.4)
  thinking-sphinx (~> 3.0.0)
  ts-delayed-delta (~> 2.0.0)
  will_paginate (~> 3.0.5)
